{
    "TaskName": "WorkingMemory",
    "EEGReference": "common",
    "RecordingType": "continuous",
    "RecordingDuration": 618.9373669477178,
    "SamplingFrequency": 500.059,
    "EEGChannelCount": 69,
    "EOGChannelCount": 2,
    "PowerLineFrequency": 60,
    "SoftwareFilters": "n/a"
}